GIT
  remote: git://github.com/aanand/rack-coffee.git
  revision: 76a0a0bca244519973232a72f02b6d8572b7bb20
  specs:
    rack-coffee (0.3.4)
      rack

GEM
  remote: http://rubygems.org/
  specs:
    camping (2.1)
      rack (>= 1.0)
    haml (3.0.25)
    rack (1.2.2)
    tilt (1.2.2)

PLATFORMS
  ruby

DEPENDENCIES
  camping
  haml
  rack-coffee!
  tilt
