GIT
  remote: git://github.com/camping/camping.git
  revision: 381c3d0add9c63f00e4c340fdb48929af9929cd4
  ref: 381c3d0add9c63f00e4c340fdb48929af9929cd4
  specs:
    camping (2.1.434)
      rack (>= 1.0)

GEM
  remote: https://rubygems.org/
  specs:
    activemodel (3.2.13)
      activesupport (= 3.2.13)
      builder (~> 3.0.0)
    activesupport (3.2.13)
      i18n (= 0.6.1)
      multi_json (~> 1.0)
    bson (1.2.4)
    bson_ext (1.2.4)
    builder (3.0.4)
    capistrano (2.15.4)
      highline
      net-scp (>= 1.0.0)
      net-sftp (>= 2.0.0)
      net-ssh (>= 2.0.14)
      net-ssh-gateway (>= 1.1.0)
    dotenv (0.7.0)
    foreman (0.63.0)
      dotenv (>= 0.7)
      thor (>= 0.13.6)
    haml (4.0.3)
      tilt
    hashie (2.0.5)
    highline (1.6.19)
    hoptoad_notifier (2.4.11)
      activesupport
      builder
    httparty (0.10.0)
      multi_json (~> 1.0)
      multi_xml
    i18n (0.6.1)
    mongo (1.2.4)
      bson (>= 1.2.4)
    mongoid (2.0.0.rc.7)
      activemodel (~> 3.0)
      mongo (~> 1.2)
      tzinfo (~> 0.3.22)
      will_paginate (~> 3.0.pre)
    multi_json (1.7.7)
    multi_xml (0.5.4)
    net-scp (1.1.1)
      net-ssh (>= 2.6.5)
    net-sftp (2.1.2)
      net-ssh (>= 2.6.5)
    net-ssh (2.6.7)
    net-ssh-gateway (1.2.0)
      net-ssh (>= 2.6.5)
    newrelic_rpm (3.6.3.104)
    nokogiri (1.5.10)
    oauth (0.4.7)
    omniauth (1.1.4)
      hashie (>= 1.2, < 3)
      rack
    omniauth-oauth (1.0.1)
      oauth
      omniauth (~> 1.0)
    omniauth-twitter (1.0.0)
      multi_json (~> 1.3)
      omniauth-oauth (~> 1.0)
    rack (1.2.8)
    rake (10.0.4)
    sass (3.2.9)
    thor (0.18.1)
    tilt (1.4.1)
    tzinfo (0.3.37)
    will_paginate (3.0.4)

PLATFORMS
  ruby

DEPENDENCIES
  bson (~> 1.2.4)
  bson_ext (= 1.2.4)
  camping!
  capistrano
  foreman
  haml
  hoptoad_notifier
  httparty
  mongo (~> 1.2.4)
  mongoid (= 2.0.0.rc.7)
  newrelic_rpm
  nokogiri (~> 1.5.4)
  omniauth
  omniauth-twitter
  rack (~> 1.2.2)
  rake
  sass
  tilt
